GEM
  remote: https://rubygems.org/
  specs:
    activemodel (5.2.8.1)
      activesupport (= 5.2.8.1)
    activesupport (5.2.8.1)
      concurrent-ruby (~> 1.0, >= 1.0.2)
      i18n (>= 0.7, < 2)
      minitest (~> 5.1)
      tzinfo (~> 1.1)
    ansible-ruby (1.0.30)
      activemodel (~> 5.0)
      rake
    concurrent-ruby (1.2.2)
    i18n (1.12.0)
      concurrent-ruby (~> 1.0)
    minitest (5.17.0)
    rake (13.0.6)
    thread_safe (0.3.6)
    tzinfo (1.2.11)
      thread_safe (~> 0.1)

PLATFORMS
  ruby

DEPENDENCIES
  ansible-ruby

BUNDLED WITH
   1.17.2
